PATH
  remote: .
  specs:
    ruby_snowflake_client (0.2.4-arm64-darwin-22)
      ffi

GEM
  remote: https://rubygems.org/
  specs:
    ffi (1.15.5)
    rake (13.0.6)

PLATFORMS
  ruby

DEPENDENCIES
  bundler
  rake
  ruby_snowflake_client!

BUNDLED WITH
   2.2.33
